GEM
  remote: http://rubygems.org/
  specs:
    builder (3.0.0)
    geminabox (0.5.2)
      builder
      sinatra
    rack (1.4.1)
    rack-protection (1.2.0)
      rack
    sinatra (1.3.2)
      rack (>= 1.3.6, ~> 1.3)
      rack-protection (~> 1.2)
      tilt (>= 1.3.3, ~> 1.3)
    tilt (1.3.3)

PLATFORMS
  ruby

DEPENDENCIES
  geminabox
